GEM
  remote: http://rubygems.org/
  specs:
    hasherizer (0.0.0)
    json (1.6.5)

PLATFORMS
  x86-mingw32

DEPENDENCIES
  hasherizer (~> 0.0)
  json (~> 1.1)
