GEM
  remote: http://rubygems.org/
  specs:
    hasherizer (0.0.5)
    json (1.6.5)

PLATFORMS
  ruby

DEPENDENCIES
  hasherizer (~> 0.0)
  json (~> 1.1)
